GEM
  remote: https://rubygems.org/
  specs:
    colorize (0.8.1)
    mqtt (0.5.0)
    mqtt_service (0.5.8)
      colorize (~> 0.8, >= 0.8.1)
      mqtt (~> 0.5, >= 0.5.0)
      recursive-open-struct (~> 1.1, >= 1.1.1)
    recursive-open-struct (1.1.3)
    statsd-ruby (1.5.0)

PLATFORMS
  arm64-darwin-21

DEPENDENCIES
  mqtt
  mqtt_service
  statsd-ruby

BUNDLED WITH
   2.2.22
