GEM
  remote: https://rubygems.org/
  specs:
    byebug (11.1.3)
    coderay (1.1.3)
    colorize (0.8.1)
    diff-lcs (1.4.4)
    ffi (1.15.3)
    fuubar (2.5.1)
      rspec-core (~> 3.0)
      ruby-progressbar (~> 1.4)
    listen (3.7.0)
      rb-fsevent (~> 0.10, >= 0.10.3)
      rb-inotify (~> 0.9, >= 0.9.10)
    method_source (1.0.0)
    mqtt (0.5.0)
    mqtt_service (0.5.8)
      colorize (~> 0.8, >= 0.8.1)
      mqtt (~> 0.5, >= 0.5.0)
      recursive-open-struct (~> 1.1, >= 1.1.1)
    pry (0.13.1)
      coderay (~> 1.1)
      method_source (~> 1.0)
    pry-byebug (3.9.0)
      byebug (~> 11.0)
      pry (~> 0.13.0)
    rb-fsevent (0.11.0)
    rb-inotify (0.10.1)
      ffi (~> 1.0)
    recursive-open-struct (1.1.3)
    rerun (0.13.1)
      listen (~> 3.0)
    rspec (3.10.0)
      rspec-core (~> 3.10.0)
      rspec-expectations (~> 3.10.0)
      rspec-mocks (~> 3.10.0)
    rspec-core (3.10.1)
      rspec-support (~> 3.10.0)
    rspec-expectations (3.10.1)
      diff-lcs (>= 1.2.0, < 2.0)
      rspec-support (~> 3.10.0)
    rspec-mocks (3.10.2)
      diff-lcs (>= 1.2.0, < 2.0)
      rspec-support (~> 3.10.0)
    rspec-support (3.10.2)
    ruby-progressbar (1.11.0)
    statsd-instrument (3.1.2)
    zeitwerk (2.5.4)

PLATFORMS
  arm64-darwin-21

DEPENDENCIES
  fuubar
  mqtt
  mqtt_service
  pry-byebug
  rerun
  rspec
  statsd-instrument
  zeitwerk

BUNDLED WITH
   2.2.22
